GEM
  remote: https://rubygems.org/
  specs:
    cloud_events (0.6.0)
    coderay (1.1.3)
    concurrent-ruby (1.1.9)
    diff-lcs (1.4.4)
    faker (2.11.0)
      i18n (>= 1.6, < 2)
    functions_framework (0.11.0)
      cloud_events (>= 0.5.1, < 2.a)
      puma (>= 4.3.0, < 6.a)
      rack (~> 2.1)
    i18n (1.8.10)
      concurrent-ruby (~> 1.0)
    method_source (1.0.0)
    nio4r (2.5.8)
    pry (0.14.1)
      coderay (~> 1.1)
      method_source (~> 1.0)
    puma (5.6.4)
      nio4r (~> 2.0)
    rack (2.2.3)
    rspec (3.10.0)
      rspec-core (~> 3.10.0)
      rspec-expectations (~> 3.10.0)
      rspec-mocks (~> 3.10.0)
    rspec-core (3.10.1)
      rspec-support (~> 3.10.0)
    rspec-expectations (3.10.1)
      diff-lcs (>= 1.2.0, < 2.0)
      rspec-support (~> 3.10.0)
    rspec-mocks (3.10.2)
      diff-lcs (>= 1.2.0, < 2.0)
      rspec-support (~> 3.10.0)
    rspec-support (3.10.2)
    rspec_junit_formatter (0.4.1)
      rspec-core (>= 2, < 4, != 2.12.0)
    stripe (5.39.0)

PLATFORMS
  ruby

DEPENDENCIES
  faker (~> 2.11.0)
  functions_framework (~> 0.5)
  pry
  rspec
  rspec_junit_formatter
  stripe (~> 5)

BUNDLED WITH
   2.2.30
